PATH
  remote: .
  specs:
    motion-wechat (0.0.4)
      afmotion (~> 2.5)
      bubble-wrap (~> 1.8.0)

GEM
  remote: https://rubygems.org/
  specs:
    activesupport (4.2.1)
      i18n (~> 0.7)
      json (~> 1.7, >= 1.7.7)
      minitest (~> 5.1)
      thread_safe (~> 0.3, >= 0.3.4)
      tzinfo (~> 1.1)
    afmotion (2.5)
      motion-cocoapods (>= 1.4.1)
      motion-require (>= 0.1)
    bubble-wrap (1.8.0)
    claide (0.8.1)
    cocoapods (0.36.3)
      activesupport (>= 3.2.15)
      claide (~> 0.8.1)
      cocoapods-core (= 0.36.3)
      cocoapods-downloader (~> 0.9.0)
      cocoapods-plugins (~> 0.4.1)
      cocoapods-trunk (~> 0.6.0)
      cocoapods-try (~> 0.4.3)
      colored (~> 1.2)
      escape (~> 0.0.4)
      molinillo (~> 0.2.1)
      nap (~> 0.8)
      open4 (~> 1.3)
      xcodeproj (~> 0.23.1)
    cocoapods-core (0.36.3)
      activesupport (>= 3.2.15)
      fuzzy_match (~> 2.0.4)
      nap (~> 0.8.0)
    cocoapods-downloader (0.9.0)
    cocoapods-plugins (0.4.2)
      nap
    cocoapods-trunk (0.6.0)
      nap (>= 0.8)
      netrc (= 0.7.8)
    cocoapods-try (0.4.3)
    colored (1.2)
    escape (0.0.4)
    fuzzy_match (2.0.4)
    i18n (0.7.0)
    json (1.8.2)
    minitest (5.6.0)
    molinillo (0.2.3)
    motion-cocoapods (1.7.0)
      cocoapods (>= 0.34)
    motion-redgreen (0.1.0)
    motion-require (0.2.0)
    motion-stump (0.3.2)
    nap (0.8.0)
    netrc (0.7.8)
    open4 (1.3.4)
    rake (10.3.2)
    thread_safe (0.3.5)
    tzinfo (1.2.2)
      thread_safe (~> 0.1)
    webstub (1.1.1)
    xcodeproj (0.23.1)
      activesupport (>= 3)
      colored (~> 1.2)

PLATFORMS
  ruby

DEPENDENCIES
  motion-redgreen
  motion-stump
  motion-wechat!
  rake
  webstub
