PATH
  remote: .
  specs:
    motion-wechat (0.0.2)

GEM
  remote: https://rubygems.org/
  specs:
    motion-redgreen (0.1.0)
    motion-stump (0.3.2)
    rake (10.3.2)

PLATFORMS
  ruby

DEPENDENCIES
  motion-redgreen
  motion-stump
  motion-wechat!
  rake
